GIT
  remote: https://github.com/kh0ma/RGCources_Spring_2017-Codebreaker
  revision: 608900654310ec9bf9577eb9d14d28c359db748e
  specs:
    codebreaker (0.1.0)

PATH
  remote: .
  specs:
    codebreaker_rack_app (0.1.0)

GEM
  remote: https://rubygems.org/
  specs:
    diff-lcs (1.3)
    rack (2.0.3)
    rake (10.5.0)
    rspec (3.6.0)
      rspec-core (~> 3.6.0)
      rspec-expectations (~> 3.6.0)
      rspec-mocks (~> 3.6.0)
    rspec-core (3.6.0)
      rspec-support (~> 3.6.0)
    rspec-expectations (3.6.0)
      diff-lcs (>= 1.2.0, < 2.0)
      rspec-support (~> 3.6.0)
    rspec-mocks (3.6.0)
      diff-lcs (>= 1.2.0, < 2.0)
      rspec-support (~> 3.6.0)
    rspec-support (3.6.0)

PLATFORMS
  ruby

DEPENDENCIES
  bundler (~> 1.15)
  codebreaker!
  codebreaker_rack_app!
  rack
  rake (~> 10.0)
  rspec (~> 3.0)

BUNDLED WITH
   1.15.1
