GIT
  remote: https://github.com/kh0ma/RGCources_Spring_2017-Codebreaker
  revision: 608900654310ec9bf9577eb9d14d28c359db748e
  specs:
    codebreaker (0.1.0)

GEM
  remote: https://rubygems.org/
  specs:
    rack (2.0.3)
    rake (12.0.0)

PLATFORMS
  ruby

DEPENDENCIES
  codebreaker!
  rack
  rake

RUBY VERSION
   ruby 2.4.0p0

BUNDLED WITH
   1.15.1
